GEM
  remote: http://rubygems.org/
  specs:
    activemodel (3.2.8)
      activesupport (= 3.2.8)
      builder (~> 3.0.0)
    activerecord (3.2.8)
      activemodel (= 3.2.8)
      activesupport (= 3.2.8)
      arel (~> 3.0.2)
      tzinfo (~> 0.3.29)
    activesupport (3.2.8)
      i18n (~> 0.6)
      multi_json (~> 1.0)
    arel (3.0.2)
    awesome_print (1.0.2)
    builder (3.0.0)
    highline (1.6.13)
    i18n (0.6.0)
    logger (1.2.8)
    multi_json (1.3.6)
    nokogiri (1.5.5)
    prowl (0.1.3)
    sqlite3 (1.3.6)
    tzinfo (0.3.33)

PLATFORMS
  ruby

DEPENDENCIES
  activerecord
  awesome_print
  highline
  logger
  nokogiri
  prowl
  sqlite3
